PATH
  remote: .
  specs:
    rmodbus-ccutrer (2.1.0)
      digest-crc (~> 0.1)

GEM
  remote: http://rubygems.org/
  specs:
    ast (2.4.2)
    byebug (11.1.3)
    ccutrer-serialport (1.1.0)
      ffi (~> 1.9, >= 1.9.3)
    diff-lcs (1.5.0)
    digest-crc (0.6.4)
      rake (>= 12.0.0, < 14.0.0)
    ffi (1.15.5)
    gserver (0.0.1)
    parallel (1.22.0)
    parser (3.1.1.0)
      ast (~> 2.4.1)
    rainbow (3.1.1)
    rake (13.0.6)
    regexp_parser (2.2.1)
    rexml (3.3.3)
      strscan
    rspec (3.11.0)
      rspec-core (~> 3.11.0)
      rspec-expectations (~> 3.11.0)
      rspec-mocks (~> 3.11.0)
    rspec-core (3.11.0)
      rspec-support (~> 3.11.0)
    rspec-expectations (3.11.0)
      diff-lcs (>= 1.2.0, < 2.0)
      rspec-support (~> 3.11.0)
    rspec-mocks (3.11.0)
      diff-lcs (>= 1.2.0, < 2.0)
      rspec-support (~> 3.11.0)
    rspec-support (3.11.0)
    rubocop (1.26.1)
      parallel (~> 1.10)
      parser (>= 3.1.0.0)
      rainbow (>= 2.2.2, < 4.0)
      regexp_parser (>= 1.8, < 3.0)
      rexml
      rubocop-ast (>= 1.16.0, < 2.0)
      ruby-progressbar (~> 1.7)
      unicode-display_width (>= 1.4.0, < 3.0)
    rubocop-ast (1.16.0)
      parser (>= 3.1.1.0)
    rubocop-performance (1.13.3)
      rubocop (>= 1.7.0, < 2.0)
      rubocop-ast (>= 0.4.0)
    rubocop-rake (0.6.0)
      rubocop (~> 1.0)
    rubocop-rspec (2.9.0)
      rubocop (~> 1.19)
    ruby-progressbar (1.11.0)
    strscan (3.1.0)
    unicode-display_width (2.1.0)

PLATFORMS
  ruby

DEPENDENCIES
  bundler (~> 2.2)
  byebug (~> 11.1)
  ccutrer-serialport (~> 1.1)
  gserver (~> 0.0)
  rake (~> 13.0)
  rmodbus-ccutrer!
  rspec (~> 3.11)
  rubocop (~> 1.26)
  rubocop-performance (~> 1.12)
  rubocop-rake (~> 0.6)
  rubocop-rspec (~> 2.9)

BUNDLED WITH
   2.2.26
